PATH
  remote: ./local-gems/document-foliator-0.1.0
  specs:
    document-foliator (0.1.0)
      activesupport
      combine_pdf
      pdf-reader
      prawn

GEM
  remote: https://rubygems.org/
  specs:
    Ascii85 (1.0.3)
    activesupport (5.1.5)
      concurrent-ruby (~> 1.0, >= 1.0.2)
      i18n (~> 0.7)
      minitest (~> 5.1)
      tzinfo (~> 1.1)
    afm (0.2.2)
    combine_pdf (1.0.9)
      ruby-rc4 (>= 0.1.5)
    concurrent-ruby (1.0.5)
    hashery (2.1.2)
    i18n (0.7.0)
    mime-types (3.1)
      mime-types-data (~> 3.2015)
    mime-types-data (3.2016.0521)
    minitest (5.11.3)
    multipart-post (2.0.0)
    pdf-core (0.7.0)
    pdf-reader (2.1.0)
      Ascii85 (~> 1.0.0)
      afm (~> 0.2.1)
      hashery (~> 2.0)
      ruby-rc4
      ttfunk
    prawn (2.2.2)
      pdf-core (~> 0.7.0)
      ttfunk (~> 1.5)
    rake (10.4.2)
    ruby-rc4 (0.1.5)
    thread_safe (0.3.6)
    ttfunk (1.5.1)
    tzinfo (1.2.5)
      thread_safe (~> 0.1)

PLATFORMS
  ruby

DEPENDENCIES
  document-foliator (= 0.1.0)!
  mime-types (~> 3.1)
  multipart-post
  rake
